GEM
  remote: http://rubygems.org/
  specs:
    httparty (0.11.0)
      multi_json (~> 1.0)
      multi_xml (>= 0.5.2)
    json (1.8.0)
    multi_json (1.7.7)
    multi_xml (0.5.4)
    stubhub (0.0.2)

PLATFORMS
  ruby

DEPENDENCIES
  httparty
  json
  stubhub
